GEM
  remote: http://rubygems.org/
  specs:
    haml (5.0.0)
      temple (>= 0.8.0)
      tilt
    mustermann (2.0.2)
      ruby2_keywords (~> 0.0.1)
    rack (2.2.9)
    rack-protection (2.2.3)
      rack
    ruby2_keywords (0.0.5)
    sinatra (2.2.3)
      mustermann (~> 2.0)
      rack (~> 2.2)
      rack-protection (= 2.2.3)
      tilt (~> 2.0)
    temple (0.10.3)
    tilt (2.3.0)

PLATFORMS
  ruby

DEPENDENCIES
  haml
  sinatra
